GEM
  remote: http://rubygems.org/
  specs:
    RedCloth (4.2.9)
    aws-s3 (0.6.3)
      builder
      mime-types
      xml-simple
    builder (3.2.0)
    daemons (1.1.9)
    eventmachine (1.0.3)
    haml (3.1.8)
    mime-types (1.22)
    nesta (0.9.13)
      RedCloth (~> 4.2)
      haml (~> 3.1)
      rack (~> 1.1)
      rdiscount (~> 1.6)
      sass (~> 3.1)
      shotgun (>= 0.8)
      sinatra (~> 1.3)
    oj (2.0.10)
    rack (1.5.2)
    rack-protection (1.5.0)
      rack
    rdiscount (1.6.8)
    redcarpet (2.2.2)
    sass (3.2.7)
    shotgun (0.9)
      rack (>= 1.0)
    sinatra (1.4.2)
      rack (~> 1.5, >= 1.5.2)
      rack-protection (~> 1.4)
      tilt (~> 1.3, >= 1.3.4)
    thin (1.5.1)
      daemons (>= 1.0.9)
      eventmachine (>= 0.12.6)
      rack (>= 1.0.0)
    tilt (1.3.7)
    xml-simple (1.1.2)

PLATFORMS
  ruby

DEPENDENCIES
  aws-s3 (~> 0.6.3)
  nesta (~> 0.9.13)
  oj (~> 2.0.10)
  redcarpet (~> 2.2.2)
  thin (~> 1.5.1)
