GIT
  remote: git://github.com/philmill/nesta.git
  revision: e51b156de15833902436e791ef71bf2f028634a4
  specs:
    nesta (0.9.13)
      RedCloth (~> 4.2)
      haml (~> 3.1)
      rack (~> 1.3)
      rdiscount (~> 2.1)
      sass (~> 3.1)
      sinatra (~> 1.4)

GEM
  remote: http://rubygems.org/
  specs:
    RedCloth (4.2.9)
    aws-s3 (0.6.3)
      builder
      mime-types
      xml-simple
    builder (3.2.0)
    capistrano (2.15.4)
      highline
      net-scp (>= 1.0.0)
      net-sftp (>= 2.0.0)
      net-ssh (>= 2.0.14)
      net-ssh-gateway (>= 1.1.0)
    chunky_png (1.2.8)
    compass (0.12.2)
      chunky_png (~> 1.2)
      fssm (>= 0.2.7)
      sass (~> 3.1)
    daemons (1.1.9)
    eventmachine (1.0.3)
    fssm (0.2.10)
    haml (3.1.8)
    highline (1.6.19)
    mime-types (1.22)
    net-scp (1.1.1)
      net-ssh (>= 2.6.5)
    net-sftp (2.1.2)
      net-ssh (>= 2.6.5)
    net-ssh (2.6.7)
    net-ssh-gateway (1.2.0)
      net-ssh (>= 2.6.5)
    oj (2.0.10)
    rack (1.5.2)
    rack-protection (1.5.1)
      rack
    rdiscount (2.1.7)
    redcarpet (2.2.2)
    rvm-capistrano (1.3.0)
      capistrano (>= 2.0.0)
    sass (3.2.12)
    shotgun (0.9)
      rack (>= 1.0)
    sinatra (1.4.4)
      rack (~> 1.4)
      rack-protection (~> 1.4)
      tilt (~> 1.3, >= 1.3.4)
    thin (1.5.1)
      daemons (>= 1.0.9)
      eventmachine (>= 0.12.6)
      rack (>= 1.0.0)
    tilt (1.4.1)
    xml-simple (1.1.2)
    zen-grids (1.4)
      sass (>= 3.1)

PLATFORMS
  ruby

DEPENDENCIES
  aws-s3 (~> 0.6.3)
  capistrano
  compass (~> 0.12.2)
  nesta!
  oj (~> 2.0.10)
  redcarpet (~> 2.2.2)
  rvm-capistrano
  shotgun (~> 0.9)
  thin (~> 1.5.1)
  zen-grids (~> 1.4)
