GIT
  remote: git://github.com/philmill/nesta.git
  revision: 6bb8e541a268c88d21c68aaa157f776af5e5aa34
  specs:
    nesta (0.9.13)
      RedCloth (~> 4.2)
      haml (~> 4.0)
      rack (~> 1.5)
      rdiscount (~> 2.1)
      sass (~> 3.2)
      sinatra (~> 1.4)

GEM
  remote: http://rubygems.org/
  specs:
    RedCloth (4.2.9)
    astro_moon (0.2)
    capistrano (2.15.5)
      highline
      net-scp (>= 1.0.0)
      net-sftp (>= 2.0.0)
      net-ssh (>= 2.0.14)
      net-ssh-gateway (>= 1.1.0)
    chunky_png (1.2.9)
    coffee-script (2.2.0)
      coffee-script-source
      execjs
    coffee-script-source (1.6.3)
    compass (0.12.2)
      chunky_png (~> 1.2)
      fssm (>= 0.2.7)
      sass (~> 3.1)
    daemons (1.1.9)
    dropbox-sdk (1.6.3)
      json
    eventmachine (1.0.3)
    execjs (2.0.2)
    fssm (0.2.10)
    haml (4.0.5)
      tilt
    highline (1.6.20)
    json (1.8.1)
    net-scp (1.1.2)
      net-ssh (>= 2.6.5)
    net-sftp (2.1.2)
      net-ssh (>= 2.6.5)
    net-ssh (2.7.0)
    net-ssh-gateway (1.2.0)
      net-ssh (>= 2.6.5)
    oj (2.5.4)
    rack (1.5.2)
    rack-coffee (1.0.2)
      coffee-script
      rack
    rack-protection (1.5.2)
      rack
    rdiscount (2.1.7)
    redcarpet (3.0.0)
    rvm-capistrano (1.5.1)
      capistrano (~> 2.15.4)
    sass (3.2.13)
    shotgun (0.9)
      rack (>= 1.0)
    sinatra (1.4.4)
      rack (~> 1.4)
      rack-protection (~> 1.4)
      tilt (~> 1.3, >= 1.3.4)
    susy (1.0.9)
      compass (>= 0.12.2)
      sass (>= 3.2.0)
    thin (1.6.1)
      daemons (>= 1.0.9)
      eventmachine (>= 1.0.0)
      rack (>= 1.0.0)
    tilt (1.4.1)

PLATFORMS
  ruby

DEPENDENCIES
  astro_moon (~> 0.2)
  capistrano
  compass (~> 0.12)
  dropbox-sdk (~> 1.6.3)
  nesta!
  oj (~> 2.5)
  rack-coffee (~> 1.0)
  redcarpet (~> 3.0)
  rvm-capistrano
  shotgun (~> 0.9)
  susy (~> 1.0)
  thin (~> 1.6)
